GEM
  remote: http://rubygems.org/
  specs:
    fig_newton (1.0)
      yml_reader (>= 0.7)
    httpclient (2.8.3)
    mustermann (2.0.2)
      ruby2_keywords (~> 0.0.1)
    openssl (3.0.1)
    rack (2.2.4)
    rack-protection (2.2.3)
      rack
    ruby2_keywords (0.0.5)
    sinatra (2.2.3)
      mustermann (~> 2.0)
      rack (~> 2.2)
      rack-protection (= 2.2.3)
      tilt (~> 2.0)
    tilt (2.0.11)
    yml_reader (0.7)

PLATFORMS
  x64-mingw32
  x86_64-linux

DEPENDENCIES
  fig_newton
  httpclient
  openssl
  sinatra

BUNDLED WITH
   2.0.2
