GEM
  remote: http://rubygems.org/
  specs:
    fig_newton (1.0)
      yml_reader (>= 0.7)
    httpclient (2.8.3)
    mustermann (1.1.1)
      ruby2_keywords (~> 0.0.1)
    openssl (3.0.0)
    rack (2.2.3)
    rack-protection (2.0.8.1)
      rack
    ruby2_keywords (0.0.2)
    sinatra (2.0.8.1)
      mustermann (~> 1.0)
      rack (~> 2.0)
      rack-protection (= 2.0.8.1)
      tilt (~> 2.0)
    tilt (2.0.10)
    yml_reader (0.7)

PLATFORMS
  x64-mingw32
  x86_64-linux

DEPENDENCIES
  fig_newton
  httpclient
  openssl
  sinatra

BUNDLED WITH
   2.0.2
